GEM
  remote: https://rubygems.org/
  specs:
    chronic (0.10.2)
    coderay (1.1.0)
    elasticsearch (1.0.8)
      elasticsearch-api (= 1.0.7)
      elasticsearch-transport (= 1.0.7)
    elasticsearch-api (1.0.7)
      multi_json
    elasticsearch-transport (1.0.7)
      faraday
      multi_json
    faraday (0.9.1)
      multipart-post (>= 1.2, < 3)
    geocoder (1.2.8)
    hashie (3.4.1)
    map_by_method (0.8.3)
    method_source (0.8.2)
    multi_json (1.11.0)
    multipart-post (2.0.0)
    mysql2 (0.3.18)
    pry (0.10.1)
      coderay (~> 1.1.0)
      method_source (~> 0.8.1)
      slop (~> 3.4)
    rake (10.4.2)
    ruby-progressbar (1.7.5)
    slop (3.6.0)
    what_methods (1.0.1)
    whenever (0.9.4)
      chronic (>= 0.6.3)

PLATFORMS
  ruby

DEPENDENCIES
  elasticsearch
  geocoder
  hashie
  map_by_method
  mysql2
  pry
  rake
  ruby-progressbar
  what_methods
  whenever

BUNDLED WITH
   1.10.3
