GEM
  remote: https://rubygems.org/
  specs:
    aws-s3 (0.6.3)
      builder
      mime-types
      xml-simple
    builder (3.2.2)
    chronic (0.10.2)
    coderay (1.1.0)
    elasticsearch (2.0.2)
      elasticsearch-api (= 2.0.2)
      elasticsearch-transport (= 2.0.2)
    elasticsearch-api (2.0.2)
      multi_json
    elasticsearch-transport (2.0.2)
      faraday
      multi_json
    faraday (0.13.1)
      multipart-post (>= 1.2, < 3)
    geocoder (1.2.8)
    hashie (3.4.1)
    map_by_method (0.8.3)
    method_source (0.8.2)
    mime-types (3.0)
      mime-types-data (~> 3.2015)
    mime-types-data (3.2015.1120)
    multi_json (1.13.0)
    multipart-post (2.0.0)
    mysql2 (0.3.18)
    pry (0.10.1)
      coderay (~> 1.1.0)
      method_source (~> 0.8.1)
      slop (~> 3.4)
    rake (10.4.2)
    ruby-kafka (0.3.2)
    ruby-progressbar (1.7.5)
    rubyzip (1.1.7)
    slop (3.6.0)
    what_methods (1.0.1)
    whenever (0.9.4)
      chronic (>= 0.6.3)
    xml-simple (1.1.5)

PLATFORMS
  ruby

DEPENDENCIES
  aws-s3 (~> 0.6.3)
  elasticsearch (~> 2.0.2)
  geocoder
  hashie
  map_by_method
  mysql2
  pry
  rake
  ruby-kafka
  ruby-progressbar
  rubyzip
  what_methods
  whenever

BUNDLED WITH
   1.10.6
